GEM
  remote: http://rubygems.org/
  specs:
    Ascii85 (1.0.0)
    mocha (0.9.10)
      rake
    pdf-reader (0.9.0)
      Ascii85 (>= 0.9)
    rake (0.8.7)
    test-spec (0.10.0)

PLATFORMS
  ruby

DEPENDENCIES
  mocha
  pdf-reader (~> 0.9.0)
  test-spec
